GEM
  remote: https://rubygems.org/
  specs:
    debug (1.6.3)
      irb (>= 1.3.6)
      reline (>= 0.3.1)
    diff-lcs (1.5.0)
    io-console (0.5.11)
    irb (1.4.2)
      reline (>= 0.3.0)
    reline (0.3.1)
      io-console (~> 0.5)
    rspec (3.11.0)
      rspec-core (~> 3.11.0)
      rspec-expectations (~> 3.11.0)
      rspec-mocks (~> 3.11.0)
    rspec-core (3.11.0)
      rspec-support (~> 3.11.0)
    rspec-expectations (3.11.1)
      diff-lcs (>= 1.2.0, < 2.0)
      rspec-support (~> 3.11.0)
    rspec-mocks (3.11.2)
      diff-lcs (>= 1.2.0, < 2.0)
      rspec-support (~> 3.11.0)
    rspec-support (3.11.1)

PLATFORMS
  ruby

DEPENDENCIES
  debug
  rspec

BUNDLED WITH
   2.3.13
